GEM
  remote: https://rubygems.org/
  specs:
    kramdown (1.4.1)
    rake (10.3.1)
    rake-compiler (0.9.2)
      rake
    yard (0.8.7.4)

PLATFORMS
  ruby
  x64-mingw32

DEPENDENCIES
  kramdown
  rake
  rake-compiler
  yard
