GEM
  remote: https://rubygems.org/
  specs:
    mysql (2.9.1)
    rake (0.8.7)
    rb-appscript (0.6.1)
    rdiscount (2.1.6)
    rmagick (2.13.2)
    yard (0.8.7.1)

PLATFORMS
  ruby

DEPENDENCIES
  mysql
  rake (< 0.9)
  rb-appscript
  rdiscount
  rmagick
  yard
